GEM
  remote: https://rubygems.org/
  specs:
    caxlsx (3.0.2)
      htmlentities (~> 4.3, >= 4.3.4)
      mimemagic (~> 0.3)
      nokogiri (~> 1.10, >= 1.10.4)
      rubyzip (>= 1.3.0, < 3)
    htmlentities (4.3.4)
    mimemagic (0.3.5)
    mini_portile2 (2.4.0)
    nokogiri (1.10.10)
      mini_portile2 (~> 2.4.0)
    rubyzip (2.3.0)

PLATFORMS
  ruby

DEPENDENCIES
  caxlsx
  nokogiri

BUNDLED WITH
   2.1.4
