GEM
  remote: https://rubygems.org/
  specs:
    caxlsx (3.2.0)
      htmlentities (~> 4.3, >= 4.3.4)
      marcel (~> 1.0)
      nokogiri (~> 1.10, >= 1.10.4)
      rubyzip (>= 1.3.0, < 3)
    htmlentities (4.3.4)
    marcel (1.0.2)
    mini_portile2 (2.8.0)
    nokogiri (1.13.4)
      mini_portile2 (~> 2.8.0)
      racc (~> 1.4)
    racc (1.6.0)
    rubyzip (2.3.2)

PLATFORMS
  ruby

DEPENDENCIES
  caxlsx
  nokogiri

BUNDLED WITH
   2.1.4
